PATH
  remote: .
  specs:
    slovnik_cz (0.0.1)
      nokogiri (~> 1.8.4)

GEM
  remote: https://rubygems.org/
  specs:
    mini_portile2 (2.3.0)
    nokogiri (1.8.4)
      mini_portile2 (~> 2.3.0)

PLATFORMS
  ruby
  x86_64-darwin-17

DEPENDENCIES
  slovnik_cz!

BUNDLED WITH
   1.16.1
